GIT
  remote: git://github.com/Nerian/bootstrap-datepicker-rails.git
  revision: 862e5ec85ee2da7cc8f893d6d07050cb0c1131b0
  specs:
    bootstrap-datepicker-rails (1.6.4.1)
      railties (>= 3.0)

GIT
  remote: git://github.com/bokmann/font-awesome-rails.git
  revision: 6875363e13230e0c9266602e1cdc411e042c1f9f
  specs:
    font-awesome-rails (4.7.0.2)
      railties (>= 3.2, < 5.2)

GIT
  remote: git://github.com/krlgrgn/declarative_authorization.git
  revision: 084c92862a5a289df86db0371254459532adfe16
  specs:
    declarative_authorization (1.0.0.pre)

GIT
  remote: git://github.com/plataformatec/devise.git
  revision: 71fc5b351a8e8473733b0ca29d60c06e43a0efe1
  specs:
    devise (4.3.0)
      bcrypt (~> 3.0)
      orm_adapter (~> 0.1)
      railties (>= 4.1.0, < 5.2)
      responders
      warden (~> 1.2.3)

GEM
  remote: https://rubygems.org/
  remote: https://rails-assets.org/
  specs:
    actioncable (5.1.3)
      actionpack (= 5.1.3)
      nio4r (~> 2.0)
      websocket-driver (~> 0.6.1)
    actionmailer (5.1.3)
      actionpack (= 5.1.3)
      actionview (= 5.1.3)
      activejob (= 5.1.3)
      mail (~> 2.5, >= 2.5.4)
      rails-dom-testing (~> 2.0)
    actionpack (5.1.3)
      actionview (= 5.1.3)
      activesupport (= 5.1.3)
      rack (~> 2.0)
      rack-test (~> 0.6.3)
      rails-dom-testing (~> 2.0)
      rails-html-sanitizer (~> 1.0, >= 1.0.2)
    actionview (5.1.3)
      activesupport (= 5.1.3)
      builder (~> 3.1)
      erubi (~> 1.4)
      rails-dom-testing (~> 2.0)
      rails-html-sanitizer (~> 1.0, >= 1.0.3)
    activejob (5.1.3)
      activesupport (= 5.1.3)
      globalid (>= 0.3.6)
    activemodel (5.1.3)
      activesupport (= 5.1.3)
    activerecord (5.1.3)
      activemodel (= 5.1.3)
      activesupport (= 5.1.3)
      arel (~> 8.0)
    activerecord-import (0.19.1)
      activerecord (>= 3.2)
    activesupport (5.1.3)
      concurrent-ruby (~> 1.0, >= 1.0.2)
      i18n (~> 0.7)
      minitest (~> 5.1)
      tzinfo (~> 1.1)
    addressable (2.5.1)
      public_suffix (~> 2.0, >= 2.0.2)
    arel (8.0.0)
    ast (2.3.0)
    autoprefixer-rails (7.1.2.6)
      execjs
    aws-sdk (2.10.27)
      aws-sdk-resources (= 2.10.27)
    aws-sdk-core (2.10.27)
      aws-sigv4 (~> 1.0)
      jmespath (~> 1.0)
    aws-sdk-resources (2.10.27)
      aws-sdk-core (= 2.10.27)
    aws-sigv4 (1.0.1)
    bcrypt (3.1.11)
    bootstrap (4.0.0.beta)
      autoprefixer-rails (>= 6.0.3)
      popper_js (~> 1.11.1)
      sass (>= 3.4.19)
    builder (3.2.3)
    byebug (9.0.6)
    capybara (2.15.1)
      addressable
      mini_mime (>= 0.1.3)
      nokogiri (>= 1.3.3)
      rack (>= 1.0.0)
      rack-test (>= 0.5.4)
      xpath (~> 2.0)
    cliver (0.3.2)
    coderay (1.1.1)
    coffee-rails (4.2.2)
      coffee-script (>= 2.2.0)
      railties (>= 4.0.0)
    coffee-script (2.4.1)
      coffee-script-source
      execjs
    coffee-script-source (1.12.2)
    concurrent-ruby (1.0.5)
    connection_pool (2.2.1)
    crack (0.4.3)
      safe_yaml (~> 1.0.0)
    database_cleaner (1.6.1)
    diff-lcs (1.3)
    docile (1.1.5)
    dotenv (2.2.1)
    dotenv-rails (2.2.1)
      dotenv (= 2.2.1)
      railties (>= 3.2, < 5.2)
    erubi (1.6.1)
    erubis (2.7.0)
    execjs (2.7.0)
    factory_girl (4.8.0)
      activesupport (>= 3.0.0)
    factory_girl_rails (4.8.0)
      factory_girl (~> 4.8.0)
      railties (>= 3.0.0)
    faker (1.8.4)
      i18n (~> 0.5)
    faraday (0.12.2)
      multipart-post (>= 1.2, < 3)
    ffi (1.9.18)
    globalid (0.4.0)
      activesupport (>= 4.2.0)
    haml (5.0.2)
      temple (>= 0.8.0)
      tilt
    hashdiff (0.3.5)
    hashie (3.5.6)
    i18n (0.8.6)
    jbuilder (2.7.0)
      activesupport (>= 4.2.0)
      multi_json (>= 1.2)
    jmespath (1.3.1)
    jquery-rails (4.3.1)
      rails-dom-testing (>= 1, < 3)
      railties (>= 4.2.0)
      thor (>= 0.14, < 2.0)
    jquery-ui-rails (5.0.5)
      railties (>= 3.2.16)
    json (2.1.0)
    jwt (1.5.6)
    kaminari (1.0.1)
      activesupport (>= 4.1.0)
      kaminari-actionview (= 1.0.1)
      kaminari-activerecord (= 1.0.1)
      kaminari-core (= 1.0.1)
    kaminari-actionview (1.0.1)
      actionview
      kaminari-core (= 1.0.1)
    kaminari-activerecord (1.0.1)
      activerecord
      kaminari-core (= 1.0.1)
    kaminari-core (1.0.1)
    launchy (2.4.3)
      addressable (~> 2.3)
    libv8 (3.16.14.19)
    listen (3.0.8)
      rb-fsevent (~> 0.9, >= 0.9.4)
      rb-inotify (~> 0.9, >= 0.9.7)
    loofah (2.0.3)
      nokogiri (>= 1.5.9)
    mail (2.6.6)
      mime-types (>= 1.16, < 4)
    method_source (0.8.2)
    mime-types (3.1)
      mime-types-data (~> 3.2015)
    mime-types-data (3.2016.0521)
    mini_mime (0.1.4)
    mini_portile2 (2.2.0)
    minitest (5.10.3)
    modernizr-rails (2.7.1)
    multi_json (1.12.1)
    multi_xml (0.6.0)
    multipart-post (2.0.0)
    nested_form (0.3.2)
    nio4r (2.1.0)
    nokogiri (1.8.0)
      mini_portile2 (~> 2.2.0)
    oauth2 (1.4.0)
      faraday (>= 0.8, < 0.13)
      jwt (~> 1.0)
      multi_json (~> 1.3)
      multi_xml (~> 0.5)
      rack (>= 1.2, < 3)
    omniauth (1.6.1)
      hashie (>= 3.4.6, < 3.6.0)
      rack (>= 1.6.2, < 3)
    omniauth-facebook (4.0.0)
      omniauth-oauth2 (~> 1.2)
    omniauth-oauth2 (1.4.0)
      oauth2 (~> 1.0)
      omniauth (~> 1.2)
    orm_adapter (0.5.0)
    parallel (1.12.0)
    parser (2.4.0.0)
      ast (~> 2.2)
    pg (0.21.0)
    poltergeist (1.16.0)
      capybara (~> 2.1)
      cliver (~> 0.3.1)
      websocket-driver (>= 0.2.0)
    popper_js (1.11.1)
    powerpack (0.1.1)
    pry (0.10.4)
      coderay (~> 1.1.0)
      method_source (~> 0.8.1)
      slop (~> 3.4)
    pry-rails (0.3.6)
      pry (>= 0.10.4)
    public_suffix (2.0.5)
    puma (3.9.1)
    rack (2.0.3)
    rack-mini-profiler (0.10.5)
      rack (>= 1.2.0)
    rack-pjax (1.0.0)
      nokogiri (~> 1.5)
      rack (>= 1.1)
    rack-protection (2.0.0)
      rack
    rack-test (0.6.3)
      rack (>= 1.0)
    rails (5.1.3)
      actioncable (= 5.1.3)
      actionmailer (= 5.1.3)
      actionpack (= 5.1.3)
      actionview (= 5.1.3)
      activejob (= 5.1.3)
      activemodel (= 5.1.3)
      activerecord (= 5.1.3)
      activesupport (= 5.1.3)
      bundler (>= 1.3.0)
      railties (= 5.1.3)
      sprockets-rails (>= 2.0.0)
    rails-assets-tether (1.4.0)
    rails-dom-testing (2.0.3)
      activesupport (>= 4.2.0)
      nokogiri (>= 1.6)
    rails-html-sanitizer (1.0.3)
      loofah (~> 2.0)
    rails_12factor (0.0.3)
      rails_serve_static_assets
      rails_stdout_logging
    rails_admin (1.2.0)
      builder (~> 3.1)
      coffee-rails (~> 4.0)
      font-awesome-rails (>= 3.0, < 5)
      haml (>= 4.0, < 6)
      jquery-rails (>= 3.0, < 5)
      jquery-ui-rails (~> 5.0)
      kaminari (>= 0.14, < 2.0)
      nested_form (~> 0.3)
      rack-pjax (>= 0.7)
      rails (>= 4.0, < 6)
      remotipart (~> 1.3)
      sass-rails (>= 4.0, < 6)
    rails_serve_static_assets (0.0.5)
    rails_stdout_logging (0.0.5)
    railties (5.1.3)
      actionpack (= 5.1.3)
      activesupport (= 5.1.3)
      method_source
      rake (>= 0.8.7)
      thor (>= 0.18.1, < 2.0)
    rainbow (2.2.2)
      rake
    rake (12.0.0)
    rb-fsevent (0.10.2)
    rb-inotify (0.9.10)
      ffi (>= 0.5.0, < 2)
    redis (3.3.3)
    ref (2.0.0)
    remotipart (1.3.1)
    rename (1.0.6)
      activesupport
      rails (>= 3.0.0)
      thor (>= 0.19.1)
    responders (2.4.0)
      actionpack (>= 4.2.0, < 5.3)
      railties (>= 4.2.0, < 5.3)
    rollbar (2.15.0)
      multi_json
    rspec-core (3.6.0)
      rspec-support (~> 3.6.0)
    rspec-expectations (3.6.0)
      diff-lcs (>= 1.2.0, < 2.0)
      rspec-support (~> 3.6.0)
    rspec-mocks (3.6.0)
      diff-lcs (>= 1.2.0, < 2.0)
      rspec-support (~> 3.6.0)
    rspec-rails (3.6.1)
      actionpack (>= 3.0)
      activesupport (>= 3.0)
      railties (>= 3.0)
      rspec-core (~> 3.6.0)
      rspec-expectations (~> 3.6.0)
      rspec-mocks (~> 3.6.0)
      rspec-support (~> 3.6.0)
    rspec-sidekiq (3.0.3)
      rspec-core (~> 3.0, >= 3.0.0)
      sidekiq (>= 2.4.0)
    rspec-support (3.6.0)
    rubocop (0.49.1)
      parallel (~> 1.10)
      parser (>= 2.3.3.1, < 3.0)
      powerpack (~> 0.1)
      rainbow (>= 1.99.1, < 3.0)
      ruby-progressbar (~> 1.7)
      unicode-display_width (~> 1.0, >= 1.0.1)
    rubocop-rspec (1.15.1)
      rubocop (>= 0.42.0)
    ruby-progressbar (1.8.1)
    safe_yaml (1.0.4)
    sass (3.5.1)
      sass-listen (~> 4.0.0)
    sass-listen (4.0.0)
      rb-fsevent (~> 0.9, >= 0.9.4)
      rb-inotify (~> 0.9, >= 0.9.7)
    sass-rails (5.0.6)
      railties (>= 4.0.0, < 6)
      sass (~> 3.1)
      sprockets (>= 2.8, < 4.0)
      sprockets-rails (>= 2.0, < 4.0)
      tilt (>= 1.1, < 3)
    seed-fu (2.3.6)
      activerecord (>= 3.1)
      activesupport (>= 3.1)
    sidekiq (5.0.4)
      concurrent-ruby (~> 1.0)
      connection_pool (~> 2.2, >= 2.2.0)
      rack-protection (>= 1.5.0)
      redis (~> 3.3, >= 3.3.3)
    simplecov (0.15.0)
      docile (~> 1.1.0)
      json (>= 1.8, < 3)
      simplecov-html (~> 0.10.0)
    simplecov-html (0.10.2)
    slop (3.6.0)
    smarter_csv (1.1.4)
    spring (2.0.2)
      activesupport (>= 4.2)
    spring-watcher-listen (2.0.1)
      listen (>= 2.7, < 4.0)
      spring (>= 1.2, < 3.0)
    sprockets (3.7.1)
      concurrent-ruby (~> 1.0)
      rack (> 1, < 3)
    sprockets-rails (3.2.0)
      actionpack (>= 4.0)
      activesupport (>= 4.0)
      sprockets (>= 3.0.0)
    temple (0.8.0)
    therubyracer (0.12.3)
      libv8 (~> 3.16.14.15)
      ref
    thor (0.19.4)
    thread_safe (0.3.6)
    tilt (2.0.8)
    turbolinks (5.0.1)
      turbolinks-source (~> 5)
    turbolinks-source (5.0.3)
    tzinfo (1.2.3)
      thread_safe (~> 0.1)
    uglifier (3.2.0)
      execjs (>= 0.3.0, < 3)
    unicode-display_width (1.3.0)
    vcr (3.0.3)
    warden (1.2.7)
      rack (>= 1.0)
    webmock (3.0.1)
      addressable (>= 2.3.6)
      crack (>= 0.3.2)
      hashdiff
    websocket-driver (0.6.5)
      websocket-extensions (>= 0.1.0)
    websocket-extensions (0.1.2)
    wicked (1.3.2)
      railties (>= 3.0.7)
    workflow (1.2.0)
    xpath (2.1.0)
      nokogiri (~> 1.3)

PLATFORMS
  ruby

DEPENDENCIES
  activerecord-import
  aws-sdk
  bootstrap (~> 4.0.0.beta)
  bootstrap-datepicker-rails!
  byebug
  capybara
  database_cleaner
  declarative_authorization!
  devise!
  dotenv-rails
  erubis
  execjs
  factory_girl_rails
  faker
  font-awesome-rails!
  jbuilder (~> 2.5)
  jquery-rails
  kaminari
  launchy
  listen (~> 3.0.5)
  modernizr-rails
  omniauth-facebook
  pg
  poltergeist
  pry
  pry-rails
  puma (~> 3.7)
  rack-mini-profiler
  rails (~> 5.1.2)
  rails-assets-tether (>= 1.3.3)!
  rails_12factor
  rails_admin
  rails_serve_static_assets
  redis (~> 3.0)
  rename
  rollbar
  rspec-rails (~> 3.5)
  rspec-sidekiq
  rubocop
  rubocop-rspec
  sass-rails (~> 5.0)
  seed-fu
  sidekiq
  simplecov
  smarter_csv
  spring
  spring-watcher-listen (~> 2.0.0)
  therubyracer
  turbolinks (~> 5)
  tzinfo-data
  uglifier (>= 1.3.0)
  vcr
  webmock
  wicked
  workflow

RUBY VERSION
   ruby 2.4.0p0

BUNDLED WITH
   1.14.6
